GEM
  remote: http://rubygems.org/
  specs:
    json_pure (1.7.5)
    polyglot (0.3.3)
    rack (1.4.1)
    rack-protection (1.3.1)
      rack
    sinatra (1.3.2)
      rack (~> 1.3, >= 1.3.6)
      rack-protection (~> 1.2)
      tilt (~> 1.3, >= 1.3.3)
    tilt (1.3.3)
    treetop (1.4.10)
      polyglot
      polyglot (>= 0.3.1)

PLATFORMS
  ruby

DEPENDENCIES
  json_pure (= 1.7.5)
  sinatra (= 1.3.2)
  treetop (= 1.4.10)
