GEM
  remote: http://rubygems.org/
  specs:
    json (1.7.5)
    json_pure (1.7.5)
    rack (1.4.1)
    rack-protection (1.3.1)
      rack
    rubytree (0.8.3)
      json (>= 1.7.5)
      structured_warnings (>= 0.1.3)
    sinatra (1.3.2)
      rack (~> 1.3, >= 1.3.6)
      rack-protection (~> 1.2)
      tilt (~> 1.3, >= 1.3.3)
    structured_warnings (0.1.3)
    tilt (1.3.3)

PLATFORMS
  ruby

DEPENDENCIES
  json_pure (= 1.7.5)
  rubytree (= 0.8.3)
  sinatra (= 1.3.2)
