GEM
  remote: https://rubygems.org/
  specs:
    activemodel (3.2.6)
      activesupport (= 3.2.6)
      builder (~> 3.0.0)
    activerecord (3.2.6)
      activemodel (= 3.2.6)
      activesupport (= 3.2.6)
      arel (~> 3.0.2)
      tzinfo (~> 0.3.29)
    activesupport (3.2.6)
      i18n (~> 0.6)
      multi_json (~> 1.0)
    ar_pg_array (0.11.1)
      activerecord (>= 3.0.6, < 4.0)
    arel (3.0.2)
    awesome_print (1.1.0)
    builder (3.0.4)
    i18n (0.6.1)
    json (1.7.5)
    json_pure (1.7.5)
    multi_json (1.5.0)
    pg (0.14.0)
    rack (1.4.4)
    rack-protection (1.3.2)
      rack
    rubytree (0.8.3)
      json (>= 1.7.5)
      structured_warnings (>= 0.1.3)
    sinatra (1.3.3)
      rack (~> 1.3, >= 1.3.6)
      rack-protection (~> 1.2)
      tilt (~> 1.3, >= 1.3.3)
    sinatra-activerecord (1.1.2)
      activerecord (~> 3.0)
      sinatra (~> 1.0)
    structured_warnings (0.1.3)
    tilt (1.3.3)
    tzinfo (0.3.35)

PLATFORMS
  ruby

DEPENDENCIES
  activerecord (= 3.2.6)
  ar_pg_array (= 0.11.1)
  awesome_print
  json_pure (= 1.7.5)
  pg (= 0.14.0)
  rubytree (= 0.8.3)
  sinatra (= 1.3.3)
  sinatra-activerecord (= 1.1.2)
